GEM
  remote: https://rubygems.org/
  specs:
    async_sinatra (1.2.1)
      rack (>= 1.4.1)
      sinatra (>= 1.3.2)
    backports (3.23.0)
    blankslate (2.1.2.4)
    daemons (1.4.1)
    eventmachine (1.2.7)
    multi_json (1.15.0)
    parslet (1.5.0)
      blankslate (~> 2.0)
    posix-spawn (0.3.15)
    rack (1.6.13)
    rack-protection (1.5.5)
      rack
    rack-test (2.0.2)
      rack (>= 1.3)
    rake (13.0.6)
    sinatra (1.4.8)
      rack (~> 1.5)
      rack-protection (~> 1.4)
      tilt (>= 1.3, < 3)
    sinatra-contrib (1.4.7)
      backports (>= 2.0)
      multi_json
      rack-protection
      rack-test
      sinatra (~> 1.4.0)
      tilt (>= 1.3, < 3)
    thin (1.6.4)
      daemons (~> 1.0, >= 1.0.9)
      eventmachine (~> 1.0, >= 1.0.4)
      rack (~> 1.0)
    tilt (2.0.11)
    toml (0.1.2)
      parslet (~> 1.5.0)

PLATFORMS
  x86_64-linux

DEPENDENCIES
  async_sinatra
  eventmachine (~> 1.2.0)
  posix-spawn (~> 0.3.11)
  rake
  sinatra (~> 1.4.7)
  sinatra-contrib (~> 1.4.7)
  thin (~> 1.6.4)
  toml (~> 0.1.2)

BUNDLED WITH
   2.3.21
